GIT
  remote: git://github.com/pacoguzman/vx-builder.git
  revision: 6a9c5556f4d13f5e04c84927f202ac2068d53449
  ref: 6a9c5556f4d13f5e04c84927f202ac2068d53449
  specs:
    vx-builder (0.3.0)
      hashr
      vx-common (= 0.4.0)
      vx-message

GIT
  remote: git://github.com/pacoguzman/vx-common.git
  revision: 00cc775940b33a4a7fa76e61c649687994584290
  branch: bebanjo
  specs:
    vx-common (0.4.0)
      airbrake (~> 3.1.14)
      vx-common-rack-builder (= 0.0.2)
      vx-common-spawn (> 0.0.7)

GIT
  remote: git://github.com/pacoguzman/vx-service_connector.git
  revision: 5017f6495a29af62c31e264ba6bc95b72e811739
  branch: bebanjo
  specs:
    vx-service_connector (0.0.11)
      activesupport (~> 4.0)
      faraday (~> 0.9.0)
      octokit (= 2.2.0)

GEM
  remote: https://rubygems.org/
  specs:
    actionmailer (4.0.5)
      actionpack (= 4.0.5)
      mail (~> 2.5.4)
    actionpack (4.0.5)
      activesupport (= 4.0.5)
      builder (~> 3.1.0)
      erubis (~> 2.7.0)
      rack (~> 1.5.2)
      rack-test (~> 0.6.2)
    active_model_serializers (0.8.1)
      activemodel (>= 3.0)
    activemodel (4.0.5)
      activesupport (= 4.0.5)
      builder (~> 3.1.0)
    activerecord (4.0.5)
      activemodel (= 4.0.5)
      activerecord-deprecated_finders (~> 1.0.2)
      activesupport (= 4.0.5)
      arel (~> 4.0.0)
    activerecord-deprecated_finders (1.0.3)
    activesupport (4.0.5)
      i18n (~> 0.6, >= 0.6.9)
      minitest (~> 4.2)
      multi_json (~> 1.3)
      thread_safe (~> 0.1)
      tzinfo (~> 0.3.37)
    addressable (2.3.6)
    airbrake (3.1.17)
      builder
      multi_json
    amq-protocol (1.9.2)
    annotate (2.6.3)
      activerecord (>= 2.3.0)
      rake (>= 0.8.7)
    arel (4.0.2)
    beefcake (0.3.7)
    builder (3.1.4)
    bunny (1.1.1)
      amq-protocol (>= 1.9.2)
    carrierwave (0.9.0)
      activemodel (>= 3.2.0)
      activesupport (>= 3.2.0)
      json (>= 1.7)
    coderay (1.1.0)
    coffee-rails (4.0.1)
      coffee-script (>= 2.2.0)
      railties (>= 4.0.0, < 5.0)
    coffee-script (2.2.0)
      coffee-script-source
      execjs
    coffee-script-source (1.6.3)
    crack (0.4.2)
      safe_yaml (~> 1.0.0)
    dalli (2.7.2)
    diff-lcs (1.2.5)
    dotenv (0.9.0)
    erubis (2.7.0)
    execjs (2.0.2)
    factory_girl (4.4.0)
      activesupport (>= 3.0.0)
    factory_girl_rails (4.4.1)
      factory_girl (~> 4.4.0)
      railties (>= 3.0.0)
    faraday (0.9.0)
      multipart-post (>= 1.2, < 3)
    foreman (0.63.0)
      dotenv (>= 0.7)
      thor (>= 0.13.6)
    haml (4.0.3)
      tilt
    haml-rails (0.4)
      actionpack (>= 3.1, < 4.1)
      activesupport (>= 3.1, < 4.1)
      haml (>= 3.1, < 4.1)
      railties (>= 3.1, < 4.1)
    hashie (2.1.1)
    hashr (0.0.22)
    hike (1.2.3)
    i18n (0.6.9)
    json (1.8.1)
    jwt (0.1.13)
      multi_json (>= 1.5)
    mail (2.5.4)
      mime-types (~> 1.16)
      treetop (~> 1.4.8)
    method_source (0.8.2)
    mime-types (1.25.1)
    minitest (4.7.5)
    multi_json (1.10.1)
    multi_xml (0.5.5)
    multipart-post (2.0.0)
    net-ssh (2.9.1)
    oauth2 (0.9.3)
      faraday (>= 0.8, < 0.10)
      jwt (~> 0.1.8)
      multi_json (~> 1.3)
      multi_xml (~> 0.5)
      rack (~> 1.2)
    octokit (2.2.0)
      sawyer (~> 0.5.1)
    omniauth (1.2.1)
      hashie (>= 1.2, < 3)
      rack (~> 1.0)
    omniauth-github (1.1.2)
      omniauth (~> 1.0)
      omniauth-oauth2 (~> 1.1)
    omniauth-oauth2 (1.1.2)
      faraday (>= 0.8, < 0.10)
      multi_json (~> 1.3)
      oauth2 (~> 0.9.3)
      omniauth (~> 1.2)
    pg (0.17.1)
    polyglot (0.3.4)
    pry (0.9.12.6)
      coderay (~> 1.0)
      method_source (~> 0.8)
      slop (~> 3.4)
    pry-rails (0.3.2)
      pry (>= 0.9.10)
    puma (2.8.2)
      rack (>= 1.1, < 2.0)
    rack (1.5.2)
    rack-test (0.6.2)
      rack (>= 1.0)
    rails (4.0.5)
      actionmailer (= 4.0.5)
      actionpack (= 4.0.5)
      activerecord (= 4.0.5)
      activesupport (= 4.0.5)
      bundler (>= 1.3.0, < 2.0)
      railties (= 4.0.5)
      sprockets-rails (~> 2.0.0)
    railties (4.0.5)
      actionpack (= 4.0.5)
      activesupport (= 4.0.5)
      rake (>= 0.8.7)
      thor (>= 0.18.1, < 2.0)
    rake (10.3.2)
    rr (1.1.2)
    rspec (2.14.1)
      rspec-core (~> 2.14.0)
      rspec-expectations (~> 2.14.0)
      rspec-mocks (~> 2.14.0)
    rspec-core (2.14.8)
    rspec-expectations (2.14.5)
      diff-lcs (>= 1.1.3, < 2.0)
    rspec-mocks (2.14.6)
    rspec-rails (2.14.2)
      actionpack (>= 3.0)
      activemodel (>= 3.0)
      activesupport (>= 3.0)
      railties (>= 3.0)
      rspec-core (~> 2.14.0)
      rspec-expectations (~> 2.14.0)
      rspec-mocks (~> 2.14.0)
    safe_yaml (1.0.3)
    sass (3.2.11)
    sass-rails (4.0.0)
      railties (>= 4.0.0.beta, < 5.0)
      sass (>= 3.1.10)
      sprockets-rails (~> 2.0.0)
    sawyer (0.5.4)
      addressable (~> 2.3.5)
      faraday (~> 0.8, < 0.10)
    slop (3.5.0)
    sprockets (2.12.1)
      hike (~> 1.2)
      multi_json (~> 1.0)
      rack (~> 1.0)
      tilt (~> 1.1, != 1.3.0)
    sprockets-rails (2.0.1)
      actionpack (>= 3.0)
      activesupport (>= 3.0)
      sprockets (~> 2.8)
    sshkey (1.6.0)
    state_machine (1.2.0)
    thor (0.19.1)
    thread_safe (0.3.4)
    tilt (1.4.1)
    timecop (0.7.1)
    treetop (1.4.15)
      polyglot
      polyglot (>= 0.3.1)
    tzinfo (0.3.39)
    uglifier (2.2.1)
      execjs (>= 0.3.0)
      multi_json (~> 1.0, >= 1.0.2)
    vx-common-rack-builder (0.0.2)
    vx-common-spawn (0.0.8)
      net-ssh (~> 2.6)
    vx-consumer (0.1.1)
      bunny (= 1.1.1)
      vx-common-rack-builder (>= 0.0.2)
    vx-instrumentation (0.1.1)
      activesupport (~> 4.0)
      airbrake
    vx-message (0.5.0)
      beefcake (= 0.3.7)
    webmock (1.18.0)
      addressable (>= 2.3.6)
      crack (>= 0.3.2)

PLATFORMS
  ruby

DEPENDENCIES
  active_model_serializers
  annotate
  carrierwave
  coffee-rails (~> 4.0.0)
  dalli
  dotenv
  execjs
  factory_girl
  factory_girl_rails
  foreman
  haml
  haml-rails
  omniauth
  omniauth-github
  pg
  pry
  pry-rails
  puma
  rails (= 4.0.5)
  rr
  rspec
  rspec-rails
  sass-rails (~> 4.0.0)
  sshkey
  state_machine
  timecop
  uglifier (>= 1.3.0)
  vx-builder!
  vx-common!
  vx-consumer (= 0.1.1)
  vx-instrumentation (= 0.1.1)
  vx-message (= 0.5.0)
  vx-service_connector!
  webmock
